GEM
  remote: https://rubygems.org/
  specs:
    date (3.3.4)
    nokogiri (1.16.2-arm64-darwin)
      racc (~> 1.4)
    open-uri (0.4.1)
      stringio
      time
      uri
    racc (1.7.3)
    stringio (3.1.0)
    time (0.3.0)
      date
    uri (0.13.0)

PLATFORMS
  arm64-darwin-20

DEPENDENCIES
  nokogiri
  open-uri

BUNDLED WITH
   2.3.11
